GEM
  remote: http://rubygems.org/
  specs:
    addressable (2.8.0)
      public_suffix (>= 2.0.2, < 5.0)
    childprocess (0.3.5)
      ffi (~> 1.0, >= 1.0.6)
    ffi (1.11.1)
    ffi (1.11.1-x86-mingw32)
    json (2.3.0)
    libwebsocket (0.1.5)
      addressable
    multi_json (1.3.6)
    public_suffix (4.0.6)
    rake (12.3.3)
    rubyzip (2.0.0)
    selenium-webdriver (2.25.0)
      childprocess (>= 0.2.5)
      libwebsocket (~> 0.1.3)
      multi_json (~> 1.0)
      rubyzip
    watir-webdriver (0.6.1)
      selenium-webdriver (>= 2.18.0)

PLATFORMS
  ruby
  x86-mingw32

DEPENDENCIES
  json
  rake
  watir-webdriver
